GEM
  remote: https://rubygems.org/
  remote: https://rubygems.org/
  remote: https://rubygems.org/
  remote: https://rubygems.org/
  specs:
    activemodel (4.1.4)
      activesupport (= 4.1.4)
      builder (~> 3.1)
    activerecord (4.1.4)
      activemodel (= 4.1.4)
      activesupport (= 4.1.4)
      arel (~> 5.0.0)
    activesupport (4.1.4)
      i18n (~> 0.6, >= 0.6.9)
      json (~> 1.7, >= 1.7.7)
      minitest (~> 5.1)
      thread_safe (~> 0.1)
      tzinfo (~> 1.1)
    arel (5.0.1.20140414130214)
    bond (0.5.1)
    builder (3.2.2)
    erubis (2.7.0)
    i18n (0.6.11)
    json (1.8.1)
    logger (1.2.8)
    minitest (5.4.1)
    rake (10.3.2)
    ripl (0.7.1)
      bond (~> 0.5.1)
    ruby-ole (1.2.11.7)
    spreadsheet (0.9.8)
      ruby-ole (>= 1.0)
    term-ansicolor (1.3.0)
      tins (~> 1.0)
    thread_safe (0.3.4)
    tins (1.3.2)
    tzinfo (1.2.2)
      thread_safe (~> 0.1)

PLATFORMS
  ruby

DEPENDENCIES
  activerecord
  erubis
  i18n
  logger
  rake
  ripl
  spreadsheet
  term-ansicolor
